GEM
  remote: https://rubygems.org/
  specs:
    CFPropertyList (2.2.8)
    addressable (2.5.0)
      public_suffix (~> 2.0, >= 2.0.2)
    byebug (9.0.5)
    coderay (1.1.1)
    crack (0.4.3)
      safe_yaml (~> 1.0.0)
    diff-lcs (1.2.5)
    facter (2.4.6)
      CFPropertyList (~> 2.2.6)
    facterdb (0.3.8)
      facter
      jgrep
    ffi (1.9.14)
    formatador (0.2.5)
    guard (2.14.0)
      formatador (>= 0.2.4)
      listen (>= 2.7, < 4.0)
      lumberjack (~> 1.0)
      nenv (~> 0.1)
      notiffany (~> 0.0)
      pry (>= 0.9.12)
      shellany (~> 0.0)
      thor (>= 0.18.1)
    guard-rake (1.0.0)
      guard
      rake
    hashdiff (0.3.2)
    hiera (3.2.2)
    jgrep (1.4.1)
      json
    json (1.8.3)
    json_pure (1.8.6)
    listen (3.0.8)
      rb-fsevent (~> 0.9, >= 0.9.4)
      rb-inotify (~> 0.9, >= 0.9.7)
    lumberjack (1.0.10)
    mcollective-client (2.9.1)
      json
      stomp
      systemu
    metaclass (0.0.4)
    metadata-json-lint (0.0.11)
      json
      spdx-licenses (~> 1.0)
    method_source (0.8.2)
    mocha (1.2.1)
      metaclass (~> 0.0.1)
    nenv (0.3.0)
    notiffany (0.1.1)
      nenv (~> 0.1)
      shellany (~> 0.0)
    pry (0.10.4)
      coderay (~> 1.1.0)
      method_source (~> 0.8.1)
      slop (~> 3.4)
    pry-byebug (3.4.0)
      byebug (~> 9.0)
      pry (~> 0.10)
    public_suffix (2.0.5)
    puppet (4.8.1)
      CFPropertyList (~> 2.2.6)
      facter (> 2.0, < 4)
      hiera (>= 2.0, < 4)
      json_pure (~> 1.8)
    puppet-lint (2.1.0)
    puppet-syntax (2.2.0)
      rake
    puppetlabs_spec_helper (1.2.2)
      mocha (~> 1.0)
      puppet-lint (~> 2.0)
      puppet-syntax (~> 2.0)
      rspec-puppet (~> 2.0)
    rake (12.0.0)
    rb-fsevent (0.9.8)
    rb-inotify (0.9.7)
      ffi (>= 0.5.0)
    rspec (3.5.0)
      rspec-core (~> 3.5.0)
      rspec-expectations (~> 3.5.0)
      rspec-mocks (~> 3.5.0)
    rspec-core (3.5.4)
      rspec-support (~> 3.5.0)
    rspec-expectations (3.5.0)
      diff-lcs (>= 1.2.0, < 2.0)
      rspec-support (~> 3.5.0)
    rspec-mocks (3.5.0)
      diff-lcs (>= 1.2.0, < 2.0)
      rspec-support (~> 3.5.0)
    rspec-puppet (2.5.0)
      rspec
    rspec-puppet-facts (1.7.1)
      facter
      facterdb (>= 0.3.0)
      json
      mcollective-client
      puppet
    rspec-puppet-utils (2.2.1)
    rspec-support (3.5.0)
    safe_yaml (1.0.4)
    shellany (0.0.1)
    slop (3.6.0)
    spdx-licenses (1.1.0)
    stomp (1.4.3)
    systemu (2.6.5)
    thor (0.19.4)
    webmock (2.3.2)
      addressable (>= 2.3.6)
      crack (>= 0.3.2)
      hashdiff

PLATFORMS
  ruby

DEPENDENCIES
  facter
  guard-rake
  metadata-json-lint
  pry-byebug
  puppet (~> 4.0)
  puppet-lint
  puppet-syntax
  puppetlabs_spec_helper
  rake (~> 12.0)
  rspec (~> 3.5.0)
  rspec-puppet
  rspec-puppet-facts
  rspec-puppet-utils
  webmock

BUNDLED WITH
   1.13.5
